GEM
  remote: http://rubygems.org/
  specs:
    chunky_png (1.2.1)
    coderay (0.9.8)
    compass (0.11.5)
      chunky_png (~> 1.2)
      fssm (>= 0.2.7)
      sass (~> 3.1)
    cri (2.0.2)
    fssm (0.2.7)
    haml (3.1.2)
    kramdown (0.13.3)
    nanoc (3.2.1)
      nanoc3 (>= 3.2.1)
    nanoc3 (3.2.1)
      cri (~> 2.0)
    nokogiri (1.5.0)
    rubypants (0.2.0)
    sass (3.1.7)

PLATFORMS
  ruby

DEPENDENCIES
  coderay
  compass
  haml
  kramdown
  nanoc
  nokogiri
  rubypants
  sass
