GEM
  remote: http://rubygems.org/
  specs:
    chunky_png (1.2.5)
    coderay (1.0.6)
    compass (0.12.1)
      chunky_png (~> 1.2)
      fssm (>= 0.2.7)
      sass (~> 3.1)
    cri (2.2.1)
    fssm (0.2.9)
    haml (3.1.6)
    kramdown (0.13.6)
    mime-types (1.18)
    nanoc (3.3.7)
      cri (~> 2.2)
    nokogiri (1.5.2)
    rack (1.4.1)
    rubypants (0.2.0)
    sass (3.1.19)

PLATFORMS
  ruby

DEPENDENCIES
  coderay
  compass
  cri (~> 2.2.1)
  haml
  kramdown
  mime-types
  nanoc
  nokogiri
  rack
  rubypants
  sass
