GEM
  remote: http://rubygems.org/
  specs:
    chunky_png (1.2.0)
    coderay (0.9.8)
    compass (0.11.1)
      chunky_png (~> 1.1)
      fssm (>= 0.2.7)
      sass (~> 3.1)
    cri (1.0.1)
    fssm (0.2.7)
    haml (3.1.1)
    kramdown (0.13.3)
    nanoc (3.1.7)
      nanoc3 (>= 3.1.7)
    nanoc3 (3.1.7)
      cri (>= 1.0.0)
    nokogiri (1.4.4)
    rubypants (0.2.0)
    sass (3.1.1)

PLATFORMS
  ruby

DEPENDENCIES
  coderay
  compass
  haml
  kramdown
  nanoc
  nokogiri
  rubypants
  sass
