GEM
  remote: http://rubygems.org/
  specs:
    cri (1.0.1)
    haml (3.1.1)
    kramdown (0.13.3)
    nanoc (3.1.7)
      nanoc3 (>= 3.1.7)
    nanoc3 (3.1.7)
      cri (>= 1.0.0)
    nokogiri (1.4.4)
    rubypants (0.2.0)
    sass (3.1.1)

PLATFORMS
  ruby

DEPENDENCIES
  haml
  kramdown
  nanoc
  nokogiri
  rubypants
  sass
