GEM
  remote: http://rubygems.org/
  specs:
    adsf (1.1.1)
      rack (>= 1.0.0)
    builder (3.2.0)
    chunky_png (1.2.7)
    coderay (1.0.9)
    colored (1.2)
    compass (0.12.2)
      chunky_png (~> 1.2)
      fssm (>= 0.2.7)
      sass (~> 3.1)
    cri (2.3.0)
      colored (>= 1.2)
    ffi (1.4.0)
    fssm (0.2.10)
    haml (4.0.0)
      tilt
    json (1.7.7)
    kramdown (0.14.2)
    listen (0.7.3)
    method_source (0.8.1)
    mime-types (1.21)
    nanoc (3.6.1)
      cri (~> 2.3)
    nokogiri (1.5.6)
    pry (0.9.12)
      coderay (~> 1.0.5)
      method_source (~> 0.8)
      slop (~> 3.4)
    rack (1.5.2)
    rainpress (1.0)
    rb-inotify (0.9.0)
      ffi (>= 0.5.0)
    rb-readline (0.4.2)
    rubypants (0.2.0)
    sass (3.2.6)
    slop (3.4.4)
    systemu (2.5.2)
    tilt (1.3.3)
    w3c_validators (1.2)
      json
      nokogiri

PLATFORMS
  ruby

DEPENDENCIES
  adsf
  builder
  coderay
  compass
  cri
  haml
  kramdown
  listen
  mime-types
  nanoc
  nokogiri
  pry
  rack
  rainpress
  rb-inotify
  rb-readline
  rubypants
  sass
  systemu
  w3c_validators
